GEM
  remote: http://rubygems.org/
  specs:
    brochure (0.5.4)
      hike (~> 1.0)
      rack (~> 1.0)
      tilt (~> 1.1)
    chunky_png (1.2.6)
    coffee-script (2.2.0)
      coffee-script-source
      execjs
    coffee-script-source (1.4.0)
    compass (0.12.2)
      chunky_png (~> 1.2)
      fssm (>= 0.2.7)
      sass (~> 3.1)
    execjs (1.4.0)
      multi_json (~> 1.0)
    fssm (0.2.9)
    hike (1.2.1)
    multi_json (1.3.6)
    rack (1.4.1)
    sass (3.2.1)
    tilt (1.3.3)

PLATFORMS
  ruby

DEPENDENCIES
  brochure
  coffee-script
  compass
  sass
